GEM
  remote: https://rubygems.org/
  specs:
    coderay (1.1.1)
    curb (0.9.3)
    method_source (0.8.2)
    mini_portile2 (2.1.0)
    nokogiri (1.6.8.1)
      mini_portile2 (~> 2.1.0)
    pry (0.10.4)
      coderay (~> 1.1.0)
      method_source (~> 0.8.1)
      slop (~> 3.4)
    slop (3.6.0)

PLATFORMS
  ruby

DEPENDENCIES
  curb (~> 0.9.3)
  nokogiri (~> 1.6, >= 1.6.6.2)
  pry

RUBY VERSION
   ruby 2.2.2p95

BUNDLED WITH
   1.13.6
